NUGET
  remote: https://www.nuget.org/api/v2
  specs:
    Microsoft.Data.Edm (5.6.2)
    Microsoft.Data.OData (5.6.2)
      Microsoft.Data.Edm (5.6.2)
      System.Spatial (5.6.2)
    Microsoft.Data.Services.Client (5.6.2)
      Microsoft.Data.OData (5.6.2)
    Microsoft.WindowsAzure.ConfigurationManager (2.0.3)
    Newtonsoft.Json (5.0.8)
    System.Spatial (5.6.2)
    WindowsAzure.Storage (4.3.0)
      Microsoft.Data.OData (>= 5.6.2)
      Microsoft.Data.Services.Client (>= 5.6.2) - framework: >= net40
      Microsoft.WindowsAzure.ConfigurationManager (>= 1.8.0.0) - framework: >= net40
      Newtonsoft.Json (>= 5.0.8) - framework: wpv8.0, >= net40
