NUGET
  remote: https://www.nuget.org/api/v2
  specs:
    MassTransit (3.0.3-alpha)
      NewId (>= 2.1.2)
      Newtonsoft.Json (>= 6.0.8)
    MassTransit.AzureServiceBus (3.0.3-alpha)
      MassTransit (>= 3.0.3-alpha)
      Microsoft.WindowsAzure.ConfigurationManager (>= 2.0.3)
      NewId (>= 2.1.2)
      Newtonsoft.Json (>= 6.0.8)
      WindowsAzure.ServiceBus (>= 2.6.1)
    Microsoft.Data.Edm (5.6.4)
    Microsoft.Data.OData (5.6.4)
      Microsoft.Data.Edm (5.6.4)
      System.Spatial (5.6.4)
    Microsoft.Data.Services.Client (5.6.4) - framework: >= net40
      Microsoft.Data.OData (5.6.4)
    Microsoft.WindowsAzure.ConfigurationManager (3.1.0)
    NewId (2.1.2)
    Newtonsoft.Json (6.0.8)
    System.Spatial (5.6.4)
    WindowsAzure.ServiceBus (2.6.4)
      Microsoft.WindowsAzure.ConfigurationManager
    WindowsAzure.Storage (4.3.0)
      Microsoft.Data.OData (>= 5.6.2)
      Microsoft.Data.Services.Client (>= 5.6.2) - framework: >= net40
      Microsoft.WindowsAzure.ConfigurationManager (>= 1.8.0.0) - framework: >= net40
      Newtonsoft.Json (>= 5.0.8) - framework: wpv8.0, >= net40
